GIT
  remote: https://github.com/alphagov/aquae.git
  revision: 4852e26353e6dcbfcda6b359619325ca9447b722
  specs:
    aquae (0.1.0)
      protobuf (~> 3.7.5)
      rgl (~> 0.5.3)

PATH
  remote: .
  specs:
    whirlpool (0.1)
      aquae
      concurrent-ruby

GEM
  remote: https://rubygems.org/
  specs:
    activesupport (5.1.4)
      concurrent-ruby (~> 1.0, >= 1.0.2)
      i18n (~> 0.7)
      minitest (~> 5.1)
      tzinfo (~> 1.1)
    concurrent-ruby (1.0.5)
    i18n (0.8.6)
    lazy_priority_queue (0.1.1)
    middleware (0.1.0)
    minitest (5.10.3)
    power_assert (1.1.0)
    protobuf (3.7.5)
      activesupport (>= 3.2)
      middleware
      thor
      thread_safe
    rake (10.5.0)
    rgl (0.5.3)
      lazy_priority_queue (~> 0.1.0)
      stream (~> 0.5.0)
    stream (0.5)
    test-unit (3.2.5)
      power_assert
    thor (0.20.0)
    thread_safe (0.3.6)
    tzinfo (1.2.3)
      thread_safe (~> 0.1)

PLATFORMS
  x86-mingw32

DEPENDENCIES
  aquae!
  bundler (~> 1.15)
  rake (~> 10.0)
  test-unit (~> 3.2.3)
  whirlpool!

BUNDLED WITH
   1.15.1
